REDIRECTS: ON
NUGET
  remote: https://www.nuget.org/api/v2
    FAKE (4.41.1)
    FSharp.Core (4.0.0.1)
    System.Collections (4.3) - restriction: >= dnxcore50
    System.Diagnostics.Debug (4.3) - restriction: >= dnxcore50
    System.Globalization (4.3) - restriction: >= dnxcore50
    System.Linq (4.3) - restriction: >= dnxcore50
    System.ObjectModel (4.3) - restriction: >= dnxcore50
    System.Reflection (4.3) - restriction: >= dnxcore50
    System.Reflection.Extensions (4.3) - restriction: >= dnxcore50
    System.Runtime (4.3) - restriction: >= dnxcore50
    System.Runtime.Extensions (4.3) - restriction: >= dnxcore50
    System.Text.RegularExpressions (4.3) - restriction: >= dnxcore50
    System.Threading.Tasks (4.3) - restriction: >= dnxcore50
    Unquote (3.1.2)
    xunit.abstractions (2.0) - restriction: || (>= dnx451) (>= dnxcore50) (>= portable-net45+win8+wp8+wpa81)
    xunit.assert (2.1)
      System.Collections (>= 4.0) - restriction: >= dnxcore50
      System.Diagnostics.Debug (>= 4.0) - restriction: >= dnxcore50
      System.Globalization (>= 4.0) - restriction: >= dnxcore50
      System.Linq (>= 4.0) - restriction: >= dnxcore50
      System.ObjectModel (>= 4.0) - restriction: >= dnxcore50
      System.Reflection (>= 4.0) - restriction: >= dnxcore50
      System.Reflection.Extensions (>= 4.0) - restriction: >= dnxcore50
      System.Runtime (>= 4.0) - restriction: >= dnxcore50
      System.Runtime.Extensions (>= 4.0) - restriction: >= dnxcore50
      System.Text.RegularExpressions (>= 4.0) - restriction: >= dnxcore50
      System.Threading.Tasks (>= 4.0) - restriction: >= dnxcore50
    xunit.core (2.1)
      System.Collections (>= 4.0) - restriction: >= dnxcore50
      System.Diagnostics.Debug (>= 4.0) - restriction: >= dnxcore50
      System.Globalization (>= 4.0) - restriction: >= dnxcore50
      System.Linq (>= 4.0) - restriction: >= dnxcore50
      System.Reflection (>= 4.0) - restriction: >= dnxcore50
      System.Reflection.Extensions (>= 4.0) - restriction: >= dnxcore50
      System.Runtime (>= 4.0) - restriction: >= dnxcore50
      System.Runtime.Extensions (>= 4.0) - restriction: >= dnxcore50
      System.Threading.Tasks (>= 4.0) - restriction: >= dnxcore50
      xunit.abstractions (>= 2.0) - restriction: >= dnxcore50
      xunit.extensibility.core (2.1) - restriction: || (>= dnx451) (>= dnxcore50) (>= portable-net45+win8+wp8+wpa81)
      xunit.extensibility.execution (2.1) - restriction: || (>= dnx451) (>= dnxcore50) (>= portable-net45+win8+wp8+wpa81)
    xunit.extensibility.core (2.1) - restriction: || (>= dnx451) (>= dnxcore50) (>= portable-net45+win8+wp8+wpa81)
      xunit.abstractions (2.0)
    xunit.extensibility.execution (2.1) - restriction: || (>= dnx451) (>= dnxcore50) (>= portable-net45+win8+wp8+wpa81)
      xunit.extensibility.core (2.1) - restriction: || (>= net45) (>= dnx451) (>= dnxcore50) (>= monoandroid) (>= monotouch) (>= xamarinios) (>= win8) (>= wp8) (>= wpa81)
    xunit.runner.console (2.1)
    xunit.runner.visualstudio (2.1.0) - version_in_path: true
GITHUB
  remote: fsprojects/FSharpx.Collections
    src/FSharpx.Collections/Collections.fs (e2722ce571f4926586ae907413b4a5511f0ef74e)
    src/FSharpx.Collections/LazyList.fs (e2722ce571f4926586ae907413b4a5511f0ef74e)
    src/FSharpx.Collections/LazyList.fsi (e2722ce571f4926586ae907413b4a5511f0ef74e)